GIT
  remote: git@github.com:alphagov/daemonette.git
  revision: 8179408a2db8f2e882965a2b95ddfc4cdf5230f3
  specs:
    daemonette (0.1.0)

GIT
  remote: git@github.com:alphagov/gds-sso.git
  revision: df6cb953a1cbe75bef47d0061f7927966ad3d3f6
  specs:
    gds-sso (0.3.0)
      oa-core (= 0.2.6)
      oa-oauth (= 0.2.6)
      oauth2 (= 0.4.1)
      rack-accept (~> 0.4.4)
      rails (>= 3.0.0)
      warden (= 1.0.6)

GEM
  remote: http://rubygems.org/
  specs:
    actionmailer (3.1.3)
      actionpack (= 3.1.3)
      mail (~> 2.3.0)
    actionpack (3.1.3)
      activemodel (= 3.1.3)
      activesupport (= 3.1.3)
      builder (~> 3.0.0)
      erubis (~> 2.7.0)
      i18n (~> 0.6)
      rack (~> 1.3.5)
      rack-cache (~> 1.1)
      rack-mount (~> 0.8.2)
      rack-test (~> 0.6.1)
      sprockets (~> 2.0.3)
    activemodel (3.1.3)
      activesupport (= 3.1.3)
      builder (~> 3.0.0)
      i18n (~> 0.6)
    activerecord (3.1.3)
      activemodel (= 3.1.3)
      activesupport (= 3.1.3)
      arel (~> 2.2.1)
      tzinfo (~> 0.3.29)
    activeresource (3.1.3)
      activemodel (= 3.1.3)
      activesupport (= 3.1.3)
    activesupport (3.1.3)
      multi_json (~> 1.0)
    addressable (2.2.6)
    ansi (1.4.1)
    arel (2.2.1)
    aws-ses (0.4.4)
      builder
      mail (> 2.2.5)
      mime-types
      xml-simple
    builder (3.0.0)
    capybara (1.1.2)
      mime-types (>= 1.16)
      nokogiri (>= 1.3.3)
      rack (>= 1.0.0)
      rack-test (>= 0.5.4)
      selenium-webdriver (~> 2.0)
      xpath (~> 0.1.4)
    capybara-mechanize (0.3.0.rc3)
      capybara (~> 1.1.0)
      mechanize (~> 2.0.0)
    childprocess (0.2.4)
      ffi (~> 1.0.6)
    chronic (0.6.6)
    ci_reporter (1.6.9)
      builder (>= 2.1.2)
    colorize (0.5.8)
    cucumber (1.1.4)
      builder (>= 2.1.2)
      diff-lcs (>= 1.1.2)
      gherkin (~> 2.7.1)
      json (>= 1.4.6)
      term-ansicolor (>= 1.0.6)
    cucumber-rails (1.2.1)
      capybara (>= 1.1.2)
      cucumber (>= 1.1.3)
      nokogiri (>= 1.5.0)
    database_cleaner (0.7.0)
    diff-lcs (1.1.3)
    erubis (2.7.0)
    exception_notification (2.5.2)
      actionmailer (>= 3.0.4)
    factory_girl (2.3.2)
      activesupport
    factory_girl_rails (1.4.0)
      factory_girl (~> 2.3.0)
      railties (>= 3.0.0)
    fakeweb (1.3.0)
    faraday (0.6.1)
      addressable (~> 2.2.4)
      multipart-post (~> 1.1.0)
      rack (>= 1.1.0, < 2)
    ffi (1.0.11)
    formtastic (2.0.0.rc5)
      rails (~> 3.0)
    gds-api-adapters (0.0.20)
      null_logger
      plek
    gelf (1.3.2)
      json
    gherkin (2.7.1)
      json (>= 1.4.6)
    hike (1.2.1)
    i18n (0.6.0)
    json (1.6.4)
    mail (2.3.0)
      i18n (>= 0.4.0)
      mime-types (~> 1.16)
      treetop (~> 1.4.8)
    marples (1.0.5)
      activesupport
      i18n
      null_logger
    mechanize (2.0.1)
      net-http-digest_auth (~> 1.1, >= 1.1.1)
      net-http-persistent (~> 1.8)
      nokogiri (~> 1.4)
      webrobots (~> 0.0, >= 0.0.9)
    metaclass (0.0.1)
    mime-types (1.17.2)
    minitest (2.10.0)
    mocha (0.10.0)
      metaclass (~> 0.0.1)
    multi_json (1.0.4)
    multi_xml (0.2.2)
    multipart-post (1.1.4)
    mysql2 (0.3.11)
    net-http-digest_auth (1.2)
    net-http-persistent (1.9)
    nokogiri (1.5.0)
    null_logger (0.0.1)
    oa-core (0.2.6)
    oa-oauth (0.2.6)
      faraday (~> 0.6.1)
      multi_json (~> 1.0.0)
      multi_xml (~> 0.2.2)
      oa-core (= 0.2.6)
      oauth (~> 0.4.0)
      oauth2 (~> 0.4.1)
    oauth (0.4.5)
    oauth2 (0.4.1)
      faraday (~> 0.6.1)
      multi_json (>= 0.0.5)
    pethau (0.0.3)
    plek (0.1.19)
      builder
    polyglot (0.3.3)
    rack (1.3.5)
    rack-accept (0.4.4)
      rack (>= 0.4)
    rack-cache (1.1)
      rack (>= 0.4)
    rack-mount (0.8.3)
      rack (>= 1.0.0)
    rack-ssl (1.3.2)
      rack
    rack-test (0.6.1)
      rack (>= 1.0)
    rails (3.1.3)
      actionmailer (= 3.1.3)
      actionpack (= 3.1.3)
      activerecord (= 3.1.3)
      activeresource (= 3.1.3)
      activesupport (= 3.1.3)
      bundler (~> 1.0)
      railties (= 3.1.3)
    railties (3.1.3)
      actionpack (= 3.1.3)
      activesupport (= 3.1.3)
      rack-ssl (~> 1.3.2)
      rake (>= 0.8.7)
      rdoc (~> 3.4)
      thor (~> 0.14.6)
    rake (0.9.2)
    rdoc (3.12)
      json (~> 1.4)
    rubyzip (0.9.5)
    selenium-webdriver (2.15.0)
      childprocess (>= 0.2.1)
      ffi (~> 1.0.9)
      multi_json (~> 1.0.4)
      rubyzip
    shoulda (2.11.3)
    simplecov (0.4.2)
      simplecov-html (~> 0.4.4)
    simplecov-html (0.4.5)
    simplecov-rcov (0.2.3)
      simplecov (>= 0.4.1)
    slimmer (1.1.16)
      json
      nokogiri (~> 1.5.0)
      null_logger
      plek (>= 0.1.8)
      rack (~> 1.3.5)
    sprockets (2.0.3)
      hike (~> 1.2)
      rack (~> 1.0)
      tilt (~> 1.1, != 1.3.0)
    sqlite3 (1.3.5)
    sqlite3-ruby (1.3.3)
      sqlite3 (>= 1.3.3)
    stomp (1.2.0)
    term-ansicolor (1.0.7)
    test-unit (2.4.3)
    thor (0.14.6)
    tilt (1.3.3)
    treetop (1.4.10)
      polyglot
      polyglot (>= 0.3.1)
    turn (0.8.3)
      ansi
    tzinfo (0.3.31)
    warden (1.0.6)
      rack (>= 1.0)
    webrobots (0.0.12)
      nokogiri (>= 1.4.4)
    whenever (0.7.2)
      activesupport (>= 2.3.4)
      chronic (~> 0.6.3)
    xml-simple (1.1.1)
    xpath (0.1.4)
      nokogiri (~> 1.3)

PLATFORMS
  ruby

DEPENDENCIES
  ansi
  aws-ses
  capybara-mechanize (~> 0.3.0.rc3)
  ci_reporter
  colorize (~> 0.5.8)
  cucumber-rails
  daemonette!
  database_cleaner
  exception_notification
  factory_girl
  factory_girl_rails
  fakeweb
  formtastic (= 2.0.0.rc5)
  gds-api-adapters (~> 0.0.15)
  gds-sso!
  gelf
  marples (~> 1.0)
  minitest
  mocha
  mysql2
  nokogiri
  pethau
  plek (~> 0)
  rack (= 1.3.5)
  rails (~> 3.1.1)
  rake (= 0.9.2)
  shoulda (~> 2.11.3)
  simplecov (= 0.4.2)
  simplecov-rcov
  slimmer (~> 1.1, >= 1.1.16)
  sqlite3-ruby
  stomp
  test-unit
  turn
  whenever
