GIT
  remote: git://github.com/cgunther/formtastic-bootstrap.git
  revision: 3428fef4f7870b01241d65893b882ad32cfc18d8
  branch: bootstrap-2
  specs:
    formtastic-bootstrap (1.2.0)
      formtastic
      rails (>= 3.1.0)

GIT
  remote: git://github.com/justinfrench/formtastic.git
  revision: 7b7428fa4a6a44aea1e8278523f4f45f2570a33d
  branch: 2.1-stable
  specs:
    formtastic (2.1.1)
      actionpack (~> 3.0)

GEM
  remote: http://rubygems.org/
  remote: https://gems.gemfury.com/vo6ZrmjBQu5szyywDszE/
  specs:
    PriorityQueue (0.1.2)
    actionmailer (3.1.3)
      actionpack (= 3.1.3)
      mail (~> 2.3.0)
    actionpack (3.1.3)
      activemodel (= 3.1.3)
      activesupport (= 3.1.3)
      builder (~> 3.0.0)
      erubis (~> 2.7.0)
      i18n (~> 0.6)
      rack (~> 1.3.5)
      rack-cache (~> 1.1)
      rack-mount (~> 0.8.2)
      rack-test (~> 0.6.1)
      sprockets (~> 2.0.3)
    activemodel (3.1.3)
      activesupport (= 3.1.3)
      builder (~> 3.0.0)
      i18n (~> 0.6)
    activerecord (3.1.3)
      activemodel (= 3.1.3)
      activesupport (= 3.1.3)
      arel (~> 2.2.1)
      tzinfo (~> 0.3.29)
    activeresource (3.1.3)
      activemodel (= 3.1.3)
      activesupport (= 3.1.3)
    activesupport (3.1.3)
      multi_json (~> 1.0)
    addressable (2.2.8)
    ansi (1.4.1)
    arel (2.2.3)
    aws-ses (0.4.4)
      builder
      mail (> 2.2.5)
      mime-types
      xml-simple
    bson (1.5.2)
    bson_ext (1.5.2)
      bson (= 1.5.2)
    builder (3.0.0)
    capybara (1.1.2)
      mime-types (>= 1.16)
      nokogiri (>= 1.3.3)
      rack (>= 1.0.0)
      rack-test (>= 0.5.4)
      selenium-webdriver (~> 2.0)
      xpath (~> 0.1.4)
    capybara-mechanize (0.3.0.rc3)
      capybara (~> 1.1.0)
      mechanize (~> 2.0.0)
    childprocess (0.3.0)
      ffi (~> 1.0.6)
    chronic (0.6.6)
    ci_reporter (1.6.9)
      builder (>= 2.1.2)
    colorize (0.5.8)
    crack (0.3.1)
    cucumber (1.1.4)
      builder (>= 2.1.2)
      diff-lcs (>= 1.1.2)
      gherkin (~> 2.7.1)
      json (>= 1.4.6)
      term-ansicolor (>= 1.0.6)
    cucumber-rails (1.2.1)
      capybara (>= 1.1.2)
      cucumber (>= 1.1.3)
      nokogiri (>= 1.5.0)
    database_cleaner (0.7.1)
    diff-lcs (1.1.3)
    differ (0.1.2)
    erubis (2.7.0)
    exception_notification (2.5.2)
      actionmailer (>= 3.0.4)
    execjs (1.2.13)
      multi_json (~> 1.0)
    factory_girl (3.3.0)
      activesupport (>= 3.0.0)
    factory_girl_rails (3.3.0)
      factory_girl (~> 3.3.0)
      railties (>= 3.0.0)
    faraday (0.8.1)
      multipart-post (~> 1.1)
    ffi (1.0.11)
    gds-api-adapters (0.0.50)
      lrucache (~> 0.1.1)
      null_logger
      plek
    gds-sso (1.0.0)
      omniauth-gds (= 0.0.3)
      rack-accept (~> 0.4.4)
      rails (>= 3.0.0)
      warden (~> 1.2)
    gds-warmup-controller (0.1.0)
      rails (>= 3.0.0)
    gelf (1.3.2)
      json
    gherkin (2.7.3)
      json (>= 1.4.6)
    govuk_content_models (0.1.14)
      bson_ext
      differ
      gds-api-adapters
      gds-sso (>= 0.7, < 1.2)
      mongoid (~> 2.4.10)
      omniauth-oauth2 (~> 1.0)
      plek (~> 0.1.22)
      state_machine
    hashie (1.2.0)
    hike (1.2.1)
    httpauth (0.1)
    i18n (0.6.0)
    json (1.7.3)
    jwt (0.1.5)
      multi_json (>= 1.0)
    launchy (2.0.5)
      addressable (~> 2.2.6)
    libv8 (3.3.10.4)
    lrucache (0.1.3)
      PriorityQueue (~> 0.1.2)
    mail (2.3.3)
      i18n (>= 0.4.0)
      mime-types (~> 1.16)
      treetop (~> 1.4.8)
    mechanize (2.0.1)
      net-http-digest_auth (~> 1.1, >= 1.1.1)
      net-http-persistent (~> 1.8)
      nokogiri (~> 1.4)
      webrobots (~> 0.0, >= 0.0.9)
    metaclass (0.0.1)
    mime-types (1.19)
    minitest (2.10.0)
    mocha (0.10.1)
      metaclass (~> 0.0.1)
    mongo (1.5.2)
      bson (= 1.5.2)
    mongoid (2.4.11)
      activemodel (~> 3.1)
      mongo (<= 1.6.2)
      tzinfo (~> 0.3.22)
    multi_json (1.0.4)
    multipart-post (1.1.5)
    net-http-digest_auth (1.2)
    net-http-persistent (1.9)
    nokogiri (1.5.0)
    null_logger (0.0.1)
    oauth2 (0.8.0)
      faraday (~> 0.8)
      httpauth (~> 0.1)
      jwt (~> 0.1.4)
      multi_json (~> 1.0)
      rack (~> 1.2)
    omniauth (1.1.0)
      hashie (~> 1.2)
      rack
    omniauth-gds (0.0.3)
      omniauth-oauth2 (~> 1.0)
    omniauth-oauth2 (1.1.0)
      oauth2 (~> 0.8.0)
      omniauth (~> 1.0)
    plek (0.1.24)
      builder
    polyglot (0.3.3)
    rack (1.3.5)
    rack-accept (0.4.5)
      rack (>= 0.4)
    rack-cache (1.2)
      rack (>= 0.4)
    rack-mount (0.8.3)
      rack (>= 1.0.0)
    rack-ssl (1.3.2)
      rack
    rack-test (0.6.1)
      rack (>= 1.0)
    rails (3.1.3)
      actionmailer (= 3.1.3)
      actionpack (= 3.1.3)
      activerecord (= 3.1.3)
      activeresource (= 3.1.3)
      activesupport (= 3.1.3)
      bundler (~> 1.0)
      railties (= 3.1.3)
    railties (3.1.3)
      actionpack (= 3.1.3)
      activesupport (= 3.1.3)
      rack-ssl (~> 1.3.2)
      rake (>= 0.8.7)
      rdoc (~> 3.4)
      thor (~> 0.14.6)
    rake (0.9.2)
    rdoc (3.12)
      json (~> 1.4)
    rest-client (1.6.7)
      mime-types (>= 1.16)
    router-client (3.1.0)
      activesupport
      builder
      null_logger
    rubyzip (0.9.5)
    rummageable (0.3.0)
      json
      plek
      rest-client
    selenium-webdriver (2.17.0)
      childprocess (>= 0.2.5)
      ffi (~> 1.0.9)
      multi_json (~> 1.0.4)
      rubyzip
    shoulda (2.11.3)
    simplecov (0.6.4)
      multi_json (~> 1.0)
      simplecov-html (~> 0.5.3)
    simplecov-html (0.5.3)
    simplecov-rcov (0.2.3)
      simplecov (>= 0.4.1)
    sprockets (2.0.4)
      hike (~> 1.2)
      rack (~> 1.0)
      tilt (~> 1.1, != 1.3.0)
    sqlite3 (1.3.5)
    sqlite3-ruby (1.3.3)
      sqlite3 (>= 1.3.3)
    state_machine (1.1.2)
    stomp (1.2.0)
    term-ansicolor (1.0.7)
    test-unit (2.4.5)
    therubyracer (0.9.10)
      libv8 (~> 3.3.10)
    thor (0.14.6)
    tilt (1.3.3)
    treetop (1.4.10)
      polyglot
      polyglot (>= 0.3.1)
    turn (0.8.3)
      ansi
    tzinfo (0.3.33)
    uglifier (1.2.2)
      execjs (>= 0.3.0)
      multi_json (>= 1.0.2)
    warden (1.2.1)
      rack (>= 1.0)
    webmock (1.8.7)
      addressable (>= 2.2.7)
      crack (>= 0.1.7)
    webrobots (0.0.12)
      nokogiri (>= 1.4.4)
    whenever (0.7.2)
      activesupport (>= 2.3.4)
      chronic (~> 0.6.3)
    xml-simple (1.1.1)
    xpath (0.1.4)
      nokogiri (~> 1.3)

PLATFORMS
  ruby

DEPENDENCIES
  ansi
  aws-ses
  bson (= 1.5.2)
  bson_ext (= 1.5.2)
  capybara-mechanize (~> 0.3.0.rc3)
  ci_reporter
  colorize (~> 0.5.8)
  cucumber-rails
  database_cleaner
  exception_notification
  factory_girl (= 3.3.0)
  factory_girl_rails
  formtastic!
  formtastic-bootstrap!
  gds-api-adapters
  gds-sso (= 1.0.0)
  gds-warmup-controller (= 0.1.0)
  gelf
  govuk_content_models (= 0.1.14)
  launchy
  minitest
  mocha
  mongo (= 1.5.2)
  mongoid (~> 2.4.2)
  nokogiri
  null_logger
  plek (~> 0)
  rack (= 1.3.5)
  rails (~> 3.1.1)
  rake (= 0.9.2)
  router-client (= 3.1.0)
  rummageable (~> 0.3.0)
  shoulda (~> 2.11.3)
  simplecov (~> 0.6.4)
  simplecov-rcov
  sqlite3-ruby
  stomp
  test-unit
  therubyracer (~> 0.9.4)
  turn
  uglifier
  webmock
  whenever
