GEM
  remote: https://rubygems.org/
  specs:
    PriorityQueue (0.1.2)
    actionmailer (3.2.17)
      actionpack (= 3.2.17)
      mail (~> 2.5.4)
    actionpack (3.2.17)
      activemodel (= 3.2.17)
      activesupport (= 3.2.17)
      builder (~> 3.0.0)
      erubis (~> 2.7.0)
      journey (~> 1.0.4)
      rack (~> 1.4.5)
      rack-cache (~> 1.2)
      rack-test (~> 0.6.1)
      sprockets (~> 2.2.1)
    activemodel (3.2.17)
      activesupport (= 3.2.17)
      builder (~> 3.0.0)
    activerecord (3.2.17)
      activemodel (= 3.2.17)
      activesupport (= 3.2.17)
      arel (~> 3.0.2)
      tzinfo (~> 0.3.29)
    activeresource (3.2.17)
      activemodel (= 3.2.17)
      activesupport (= 3.2.17)
    activesupport (3.2.17)
      i18n (~> 0.6, >= 0.6.4)
      multi_json (~> 1.0)
    addressable (2.3.2)
    airbrake (3.1.15)
      builder
      multi_json
    ansi (1.4.3)
    arel (3.0.3)
    aws-ses (0.4.4)
      builder
      mail (> 2.2.5)
      mime-types
      xml-simple
    bootstrap-sass (2.3.2.2)
      sass (~> 3.2)
    bson (1.7.1)
    bson_ext (1.7.1)
      bson (~> 1.7.1)
    builder (3.0.4)
    capybara (1.1.2)
      mime-types (>= 1.16)
      nokogiri (>= 1.3.3)
      rack (>= 1.0.0)
      rack-test (>= 0.5.4)
      selenium-webdriver (~> 2.0)
      xpath (~> 0.1.4)
    capybara-mechanize (0.3.0)
      capybara (~> 1.1)
      mechanize (~> 2.3)
    childprocess (0.3.5)
      ffi (~> 1.0, >= 1.0.6)
    chosen-rails (1.0.2)
      coffee-rails (>= 3.2)
      compass-rails (>= 1.1.2)
      railties (>= 3.0)
      sass-rails (>= 3.2)
    chronic (0.10.2)
    chunky_png (1.2.9)
    ci_reporter (1.7.0)
      builder (>= 2.1.2)
    coffee-rails (3.2.2)
      coffee-script (>= 2.2.0)
      railties (~> 3.2.0)
    coffee-script (2.2.0)
      coffee-script-source
      execjs
    coffee-script-source (1.6.3)
    colorize (0.5.8)
    compass (0.12.2)
      chunky_png (~> 1.2)
      fssm (>= 0.2.7)
      sass (~> 3.1)
    compass-rails (1.1.3)
      compass (>= 0.12.2)
    crack (0.3.1)
    cucumber (1.2.1)
      builder (>= 2.1.2)
      diff-lcs (>= 1.1.3)
      gherkin (~> 2.11.0)
      json (>= 1.4.6)
    cucumber-rails (1.3.0)
      capybara (>= 1.1.2)
      cucumber (>= 1.1.8)
      nokogiri (>= 1.5.0)
    database_cleaner (0.8.0)
    diff-lcs (1.1.3)
    differ (0.1.2)
    domain_name (0.5.3)
      unf (~> 0.0.3)
    erubis (2.7.0)
    eventmachine (1.0.3)
    execjs (1.4.0)
      multi_json (~> 1.0)
    factory_girl (3.3.0)
      activesupport (>= 3.0.0)
    factory_girl_rails (3.3.0)
      factory_girl (~> 3.3.0)
      railties (>= 3.0.0)
    faraday (0.9.0)
      multipart-post (>= 1.2, < 3)
    faye-websocket (0.4.7)
      eventmachine (>= 0.12.0)
    ffi (1.1.4)
    formtastic (2.2.1)
      actionpack (>= 3.0)
    formtastic-bootstrap (2.1.3)
      formtastic (~> 2.2)
    fssm (0.2.10)
    gds-api-adapters (7.20.0)
      link_header
      lrucache (~> 0.1.1)
      null_logger
      plek
      rest-client (~> 1.6.3)
    gds-sso (9.2.2)
      omniauth-gds (>= 3.0.0)
      rack-accept (~> 0.4.4)
      rails (>= 3.0.0)
      warden (~> 1.2)
    gelf (1.3.2)
      json
    gherkin (2.11.1)
      json (>= 1.4.6)
    govspeak (1.5.1)
      htmlentities (~> 4)
      kramdown (~> 0.13.3)
      sanitize (~> 2.0.3)
    govuk_content_models (8.8.0)
      bson_ext
      differ
      gds-api-adapters
      gds-sso (>= 7.0.0, < 10.0.0)
      govspeak (>= 1.0.1, < 2.0.0)
      mongoid (~> 2.5)
      plek
      state_machine
    hashie (2.0.5)
    hike (1.2.3)
    htmlentities (4.3.1)
    http_parser.rb (0.5.3)
    i18n (0.6.9)
    journey (1.0.4)
    jquery-rails (2.0.2)
      railties (>= 3.2.0, < 5.0)
      thor (~> 0.14)
    jquery-ui-rails (3.0.1)
      jquery-rails
      railties (>= 3.1.0)
    json (1.8.1)
    jwt (0.1.11)
      multi_json (>= 1.5)
    kaminari (0.14.1)
      actionpack (>= 3.0.0)
      activesupport (>= 3.0.0)
    kgio (2.7.4)
    kramdown (0.13.8)
    launchy (2.1.2)
      addressable (~> 2.3)
    libv8 (3.16.14.3)
    libwebsocket (0.1.5)
      addressable
    link_header (0.0.8)
    logstash-event (1.1.5)
    logstasher (0.4.8)
      logstash-event (~> 1.1.0)
    lrucache (0.1.4)
      PriorityQueue (~> 0.1.2)
    mail (2.5.4)
      mime-types (~> 1.16)
      treetop (~> 1.4.8)
    mechanize (2.5.1)
      domain_name (~> 0.5, >= 0.5.1)
      mime-types (~> 1.17, >= 1.17.2)
      net-http-digest_auth (~> 1.1, >= 1.1.1)
      net-http-persistent (~> 2.5, >= 2.5.2)
      nokogiri (~> 1.4)
      ntlm-http (~> 0.1, >= 0.1.1)
      webrobots (~> 0.0, >= 0.0.9)
    metaclass (0.0.1)
    mime-types (1.25.1)
    mini_portile (0.5.2)
    minitest (3.3.0)
    mocha (0.13.3)
      metaclass (~> 0.0.1)
    mongo (1.7.1)
      bson (~> 1.7.1)
    mongoid (2.6.0)
      activemodel (~> 3.1)
      mongo (~> 1.7)
      tzinfo (~> 0.3.22)
    mongoid_rails_migrations (1.0.0)
      activesupport (>= 3.2.0)
      bundler (>= 1.0.0)
      rails (>= 3.2.0)
      railties (>= 3.2.0)
    multi_json (1.8.4)
    multi_xml (0.5.5)
    multipart-post (2.0.0)
    nested_form (0.3.2)
    net-http-digest_auth (1.2.1)
    net-http-persistent (2.7)
    nokogiri (1.6.1)
      mini_portile (~> 0.5.0)
    ntlm-http (0.1.1)
    null_logger (0.0.1)
    oauth2 (0.9.3)
      faraday (>= 0.8, < 0.10)
      jwt (~> 0.1.8)
      multi_json (~> 1.3)
      multi_xml (~> 0.5)
      rack (~> 1.2)
    omniauth (1.2.1)
      hashie (>= 1.2, < 3)
      rack (~> 1.0)
    omniauth-gds (3.0.0)
      omniauth-oauth2 (~> 1.0)
    omniauth-oauth2 (1.1.2)
      faraday (>= 0.8, < 0.10)
      multi_json (~> 1.3)
      oauth2 (~> 0.9.3)
      omniauth (~> 1.2)
    plek (1.7.0)
    poltergeist (0.7.0)
      capybara (~> 1.1)
      childprocess (~> 0.3)
      faye-websocket (~> 0.4, >= 0.4.4)
      http_parser.rb (~> 0.5.3)
      multi_json (~> 1.0)
    polyglot (0.3.4)
    quiet_assets (1.0.1)
      railties (~> 3.1)
    rack (1.4.5)
    rack-accept (0.4.5)
      rack (>= 0.4)
    rack-cache (1.2)
      rack (>= 0.4)
    rack-ssl (1.3.3)
      rack
    rack-test (0.6.2)
      rack (>= 1.0)
    rails (3.2.17)
      actionmailer (= 3.2.17)
      actionpack (= 3.2.17)
      activerecord (= 3.2.17)
      activeresource (= 3.2.17)
      activesupport (= 3.2.17)
      bundler (~> 1.0)
      railties (= 3.2.17)
    railties (3.2.17)
      actionpack (= 3.2.17)
      activesupport (= 3.2.17)
      rack-ssl (~> 1.3.2)
      rake (>= 0.8.7)
      rdoc (~> 3.4)
      thor (>= 0.14.6, < 2.0)
    raindrops (0.10.0)
    rake (10.1.1)
    rdoc (3.12.2)
      json (~> 1.4)
    ref (1.0.5)
    rest-client (1.6.7)
      mime-types (>= 1.16)
    rubyzip (0.9.9)
    rummageable (0.3.0)
      json
      plek
      rest-client
    sanitize (2.0.6)
      nokogiri (>= 1.4.4)
    sass (3.2.12)
    sass-rails (3.2.6)
      railties (~> 3.2.0)
      sass (>= 3.1.10)
      tilt (~> 1.3)
    selenium-webdriver (2.25.0)
      childprocess (>= 0.2.5)
      libwebsocket (~> 0.1.3)
      multi_json (~> 1.0)
      rubyzip
    shoulda (2.11.3)
    simplecov (0.6.4)
      multi_json (~> 1.0)
      simplecov-html (~> 0.5.3)
    simplecov-html (0.5.3)
    simplecov-rcov (0.2.3)
      simplecov (>= 0.4.1)
    sprockets (2.2.2)
      hike (~> 1.2)
      multi_json (~> 1.0)
      rack (~> 1.0)
      tilt (~> 1.1, != 1.3.0)
    state_machine (1.2.0)
    therubyracer (0.12.0)
      libv8 (~> 3.16.14.0)
      ref
    thor (0.18.1)
    tilt (1.4.1)
    treetop (1.4.15)
      polyglot
      polyglot (>= 0.3.1)
    turn (0.9.6)
      ansi
    tzinfo (0.3.38)
    uglifier (1.2.7)
      execjs (>= 0.3.0)
      multi_json (~> 1.3)
    unf (0.0.5)
      unf_ext
    unf_ext (0.0.5)
    unicorn (4.3.1)
      kgio (~> 2.6)
      rack
      raindrops (~> 0.7)
    warden (1.2.3)
      rack (>= 1.0)
    webmock (1.8.7)
      addressable (>= 2.2.7)
      crack (>= 0.1.7)
    webrobots (0.0.13)
    whenever (0.9.2)
      activesupport (>= 2.3.4)
      chronic (>= 0.6.3)
    xml-simple (1.1.1)
    xpath (0.1.4)
      nokogiri (~> 1.3)

PLATFORMS
  ruby

DEPENDENCIES
  airbrake (= 3.1.15)
  ansi
  aws-ses
  bootstrap-sass (= 2.3.2.2)
  bson (= 1.7.1)
  bson_ext (= 1.7.1)
  capybara (= 1.1.2)
  capybara-mechanize (~> 0.3.0.rc3)
  chosen-rails (= 1.0.2)
  ci_reporter
  colorize (~> 0.5.8)
  cucumber-rails
  database_cleaner
  factory_girl (= 3.3.0)
  factory_girl_rails
  formtastic (= 2.2.1)
  formtastic-bootstrap (= 2.1.3)
  gds-api-adapters (= 7.20.0)
  gds-sso (= 9.2.2)
  gelf
  govuk_content_models (= 8.8.0)
  jquery-rails (= 2.0.2)
  jquery-ui-rails (= 3.0.1)
  kaminari (= 0.14.1)
  launchy
  logstasher (= 0.4.8)
  minitest
  mocha (= 0.13.3)
  mongo (= 1.7.1)
  mongoid (~> 2.5)
  mongoid_rails_migrations (= 1.0.0)
  nested_form (= 0.3.2)
  nokogiri
  null_logger
  plek (= 1.7.0)
  poltergeist (= 0.7.0)
  quiet_assets
  rails (= 3.2.17)
  rummageable (~> 0.3.0)
  sass-rails (= 3.2.6)
  shoulda (~> 2.11.3)
  simplecov (~> 0.6.4)
  simplecov-rcov
  therubyracer (= 0.12.0)
  turn
  uglifier
  unicorn (= 4.3.1)
  webmock
  whenever (= 0.9.2)
